GEM
  remote: http://rubygems.org/
  specs:
    ansi (1.4.2)
    builder (3.0.0)
    metaclass (0.0.1)
    minitest (3.1.0)
    minitest-reporters (0.7.1)
      ansi
      builder
      minitest (>= 2.0, < 4.0)
      ruby-progressbar
    mocha (0.11.4)
      metaclass (~> 0.0.1)
    multi_json (1.3.6)
    ruby-progressbar (0.0.10)
    simplecov (0.6.4)
      multi_json (~> 1.0)
      simplecov-html (~> 0.5.3)
    simplecov-html (0.5.3)

PLATFORMS
  ruby

DEPENDENCIES
  minitest-reporters
  mocha
  simplecov
